GEM
  remote: https://rubygems.org/
  specs:
    ox (2.1.4)
    progress (3.0.0)
    rake (10.3.2)
    sqlite3 (1.3.10)
    triez (1.0.4)

PLATFORMS
  ruby

DEPENDENCIES
  ox
  progress
  rake
  sqlite3
  triez
